GEM
  remote: http://rubygems.org/
  specs:
    coffee-script (2.2.0)
      coffee-script-source
      execjs
    coffee-script-source (1.4.0)
    execjs (1.4.0)
      multi_json (~> 1.0)
    json (1.7.6)
    multi_json (1.5.0)
    rack (1.4.4)
    rack-coffee (1.0.0)
      coffee-script
      rack
    rack-protection (1.3.2)
      rack
    redis (3.0.2)
    sinatra (1.3.4)
      rack (~> 1.4)
      rack-protection (~> 1.3)
      tilt (~> 1.3, >= 1.3.3)
    tilt (1.3.3)

PLATFORMS
  ruby

DEPENDENCIES
  coffee-script
  execjs
  json
  rack-coffee
  redis
  sinatra
